GEM
  remote: https://rubygems.org/
  specs:
    concurrent-ruby (1.1.5)
    i18n (1.6.0)
      concurrent-ruby (~> 1.0)
    monetize (1.9.1)
      money (~> 6.12)
    money (6.13.3)
      i18n (>= 0.6.4, <= 2)

PLATFORMS
  ruby

DEPENDENCIES
  monetize

BUNDLED WITH
   1.17.2
