GEM
  remote: https://rubygems.org/
  specs:
    builder (3.2.3)

PLATFORMS
  ruby

DEPENDENCIES
  builder

BUNDLED WITH
   1.17.2
